PATH
  remote: .
  specs:
    emconvert (1.0.1)

GEM
  remote: https://rubygems.org/
  specs:
    byebug (6.0.2)
    rake (10.4.2)

PLATFORMS
  ruby

DEPENDENCIES
  bundler (~> 1.9)
  byebug
  emconvert!
  rake (~> 10.0)
