PATH
  remote: .
  specs:
    emconvert (1.0.2)

GEM
  remote: https://rubygems.org/
  specs:
    rake (10.4.2)

PLATFORMS
  ruby

DEPENDENCIES
  bundler (~> 1.9)
  emconvert!
  rake (~> 10.0)
